GEM
  specs:
    haml (4.0.7)
      tilt
    rack (1.5.5)
    rack-protection (1.5.3)
      rack
    sinatra (1.4.8)
      rack (~> 1.5)
      rack-protection (~> 1.4)
      tilt (>= 1.3, < 3)
    tilt (2.0.8)

PLATFORMS
  ruby

DEPENDENCIES
  haml
  sinatra

RUBY VERSION
   ruby 2.3.5p376

BUNDLED WITH
   1.16.1
